GIT
  remote: git://github.com/gregbell/active_admin.git
  revision: 8c2ff62c30beda6ae4f2c389c113c3a65bd5e785
  specs:
    activeadmin (1.0.0.pre)
      arbre (~> 1.0)
      bourbon
      coffee-rails
      devise (~> 3.2)
      formtastic (~> 2.3.0.rc2)
      inherited_resources (~> 1.3)
      jquery-rails
      jquery-ui-rails
      kaminari (~> 0.14, != 0.15.0)
      rails (>= 3.2, < 4.1)
      ransack (~> 1.0)
      sass-rails

GIT
  remote: git://github.com/newleaders/thincloud-test-rails.git
  revision: 40a35b049358e48d67c35feb29181d32b069ae64
  branch: rails4
  specs:
    thincloud-test-rails (2.0.0.alpha2)
      database_cleaner (= 1.0.1)
      factory_girl_rails (~> 4.2.1)
      minitest-rails (~> 0.9.2)
      rails (~> 4.0.0)
      thincloud-test (~> 2.0.0.alpha)

GIT
  remote: git://github.com/newleaders/thincloud-test.git
  revision: 98a0dc247ef25b85379514309f8ff1cf1be239ac
  branch: rails4
  specs:
    thincloud-test (2.0.0.alpha2)
      cane (~> 2.6.0)
      guard (~> 1.8.0)
      guard-minitest (~> 1.0.0.rc.2)
      minitest (>= 4.2)
      mocha (~> 0.14.0)
      simplecov (~> 0.8.0.pre)
      terminal-notifier-guard (~> 1.5.3)
      thor (~> 0.18.1)

GIT
  remote: git@github.com:elskwid/soft_service.git
  revision: c8f4232ac97d01eb6cea1f9bec7d7270ec8e01cb
  specs:
    soft_service (0.1)

GIT
  remote: git@github.com:noeticpenguin/databasedotcom-rails.git
  revision: a0b11678661ee0e5144f2a75af48ac2761a8cf9d
  specs:
    databasedotcom-rails (1.1.0)
      databasedotcom

GIT
  remote: git@github.com:rails/rails.git
  revision: 2051231eccde09f21adfdb8fe7052cf2baaf1b36
  branch: 4-0-stable
  specs:
    actionmailer (4.0.2)
      actionpack (= 4.0.2)
      mail (~> 2.5.4)
    actionpack (4.0.2)
      activesupport (= 4.0.2)
      builder (~> 3.1.0)
      erubis (~> 2.7.0)
      rack (~> 1.5.2)
      rack-test (~> 0.6.2)
    activemodel (4.0.2)
      activesupport (= 4.0.2)
      builder (~> 3.1.0)
    activerecord (4.0.2)
      activemodel (= 4.0.2)
      activerecord-deprecated_finders (~> 1.0.2)
      activesupport (= 4.0.2)
      arel (~> 4.0.0)
    activesupport (4.0.2)
      i18n (~> 0.6, >= 0.6.9)
      minitest (~> 4.2)
      multi_json (~> 1.3)
      thread_safe (~> 0.1)
      tzinfo (~> 0.3.37)
    rails (4.0.2)
      actionmailer (= 4.0.2)
      actionpack (= 4.0.2)
      activerecord (= 4.0.2)
      activesupport (= 4.0.2)
      bundler (>= 1.3.0, < 2.0)
      railties (= 4.0.2)
      sprockets-rails (~> 2.0.0)
    railties (4.0.2)
      actionpack (= 4.0.2)
      activesupport (= 4.0.2)
      rake (>= 0.8.7)
      thor (>= 0.18.1, < 2.0)

PATH
  remote: ~/code/mfpiccolo/metaforce
  specs:
    metaforce (1.0.7)
      activesupport
      hashie (~> 2.0.5)
      listen (~> 1.0.0)
      rb-fsevent (~> 0.9.1)
      rubyzip (~> 1.0)
      savon (~> 1.2.0)
      thor (~> 0.18.1)

GEM
  remote: https://rubygems.org/
  specs:
    activerecord-deprecated_finders (1.0.3)
    addressable (2.3.5)
    akami (1.2.0)
      gyoku (>= 0.4.0)
      nokogiri (>= 1.4.0)
    arbre (1.0.1)
      activesupport (>= 3.0.0)
    arel (4.0.1)
    atomic (1.1.14)
    attr_encrypted (1.3.1)
      encryptor (>= 1.3.0)
    awesome_print (1.2.0)
    bcrypt-ruby (3.1.2)
    better_errors (1.0.1)
      coderay (>= 1.0.0)
      erubis (>= 2.6.6)
    binding_of_caller (0.7.2)
      debug_inspector (>= 0.0.1)
    bourbon (3.1.8)
      sass (>= 3.2.0)
      thor
    builder (3.1.4)
    cancan (1.6.10)
    cane (2.6.1)
      parallel
    capybara (2.1.0)
      mime-types (>= 1.16)
      nokogiri (>= 1.3.3)
      rack (>= 1.0.0)
      rack-test (>= 0.5.4)
      xpath (~> 2.0)
    capybara_minitest_spec (1.0.1)
      capybara (>= 2)
      minitest (>= 2)
    coderay (1.1.0)
    coffee-rails (4.0.1)
      coffee-script (>= 2.2.0)
      railties (>= 4.0.0, < 5.0)
    coffee-script (2.2.0)
      coffee-script-source
      execjs
    coffee-script-source (1.6.3)
    columnize (0.3.6)
    crack (0.4.1)
      safe_yaml (~> 0.9.0)
    daemons (1.1.9)
    database_cleaner (1.0.1)
    databasedotcom (1.3.2)
      activesupport
      json
      multipart-post (~> 1.1)
    databasedotcom-oauth2 (0.2.1)
      addressable
      databasedotcom
      gibberish
      hashie
      oauth2
    debug_inspector (0.0.2)
    debugger (1.6.5)
      columnize (>= 0.3.1)
      debugger-linecache (~> 1.2.0)
      debugger-ruby_core_source (~> 1.3.1)
    debugger-linecache (1.2.0)
    debugger-ruby_core_source (1.3.1)
    devise (3.2.2)
      bcrypt-ruby (~> 3.0)
      orm_adapter (~> 0.1)
      railties (>= 3.2.6, < 5)
      thread_safe (~> 0.1)
      warden (~> 1.2.3)
    diff-lcs (1.2.5)
    docile (1.1.1)
    dotenv (0.9.0)
    encryptor (1.3.0)
    erubis (2.7.0)
    eventmachine (1.0.3)
    execjs (2.0.2)
    factory_girl (4.2.0)
      activesupport (>= 3.0.0)
    factory_girl_rails (4.2.1)
      factory_girl (~> 4.2.0)
      railties (>= 3.0.0)
    faraday (0.8.8)
      multipart-post (~> 1.2.0)
    faraday_middleware (0.9.0)
      faraday (>= 0.7.4, < 0.9)
    faye-websocket (0.4.7)
      eventmachine (>= 0.12.0)
    ffi (1.9.3)
    figaro (0.7.0)
      bundler (~> 1.0)
      rails (>= 3, < 5)
    font-awesome-rails (4.0.3.1)
      railties (>= 3.2, < 5.0)
    foreman (0.63.0)
      dotenv (>= 0.7)
      thor (>= 0.13.6)
    formatador (0.2.4)
    formtastic (2.3.0.rc2)
      actionpack (>= 3.0)
    foundation-rails (5.0.2.0)
      railties (>= 3.1.0)
      sass (>= 3.2.0)
    gibberish (1.3.1)
    guard (1.8.2)
      formatador (>= 0.2.4)
      listen (>= 1.0.0)
      lumberjack (>= 1.0.2)
      pry (>= 0.9.10)
      thor (>= 0.14.6)
    guard-minitest (1.0.1)
      guard (>= 1.8)
      minitest (>= 2.1)
    gyoku (0.4.6)
      builder (>= 2.1.2)
    has_scope (0.6.0.rc)
      actionpack (>= 3.2, < 5)
      activesupport (>= 3.2, < 5)
    hashie (2.0.5)
    hike (1.2.3)
    http_parser.rb (0.5.3)
    httpauth (0.2.0)
    httpi (1.1.1)
      rack
    hub (1.11.1)
    i18n (0.6.9)
    inherited_resources (1.4.1)
      has_scope (~> 0.6.0.rc)
      responders (~> 1.0.0.rc)
    jquery-rails (3.0.4)
      railties (>= 3.0, < 5.0)
      thor (>= 0.14, < 2.0)
    jquery-ui-rails (4.1.1)
      railties (>= 3.1.0)
    json (1.8.1)
    jwt (0.1.8)
      multi_json (>= 1.5)
    kaminari (0.14.1)
      actionpack (>= 3.0.0)
      activesupport (>= 3.0.0)
    launchy (2.3.0)
      addressable (~> 2.3)
    listen (1.0.3)
      rb-fsevent (>= 0.9.3)
      rb-inotify (>= 0.9)
      rb-kqueue (>= 0.2)
    lumberjack (1.0.4)
    mail (2.5.4)
      mime-types (~> 1.16)
      treetop (~> 1.4.8)
    metaclass (0.0.1)
    method_source (0.8.2)
    mime-types (1.25.1)
    mini_portile (0.5.2)
    minitest (4.7.5)
    minitest-capybara (0.4.2)
      capybara (~> 2.0)
      minitest (~> 4.0)
      rake
    minitest-rails (0.9.2)
      minitest (~> 4.7)
      rails (>= 3.0)
    mocha (0.14.0)
      metaclass (~> 0.0.1)
    multi_json (1.8.2)
    multipart-post (1.2.0)
    newrelic_rpm (3.7.1.182)
    nokogiri (1.6.1)
      mini_portile (~> 0.5.0)
    nori (1.1.5)
    oauth2 (0.8.1)
      faraday (~> 0.8)
      httpauth (~> 0.1)
      jwt (~> 0.1.4)
      multi_json (~> 1.0)
      rack (~> 1.2)
    omniauth (1.1.4)
      hashie (>= 1.2, < 3)
      rack
    omniauth-oauth2 (1.1.1)
      oauth2 (~> 0.8.0)
      omniauth (~> 1.0)
    omniauth-salesforce (1.0.4)
      omniauth (~> 1.0)
      omniauth-oauth2 (~> 1.0)
    orm_adapter (0.5.0)
    parallel (0.9.1)
    pg (0.17.1)
    poltergeist (1.3.0)
      capybara (~> 2.1.0)
      faye-websocket (>= 0.4.4, < 0.5.0)
      http_parser.rb (~> 0.5.3)
    polyamorous (0.6.4)
      activerecord (>= 3.0)
    polyglot (0.3.3)
    pry (0.9.12.4)
      coderay (~> 1.0)
      method_source (~> 0.8)
      slop (~> 3.4)
    pry-debugger (0.2.2)
      debugger (~> 1.3)
      pry (~> 0.9.10)
    quiet_assets (1.0.2)
      railties (>= 3.1, < 5.0)
    rack (1.5.2)
    rack-test (0.6.2)
      rack (>= 1.0)
    rake (10.1.1)
    ransack (1.1.0)
      actionpack (>= 3.0)
      activerecord (>= 3.0)
      polyamorous (~> 0.6.0)
    rb-fsevent (0.9.4)
    rb-inotify (0.9.3)
      ffi (>= 0.5.0)
    rb-kqueue (0.2.0)
      ffi (>= 0.5.0)
    responders (1.0.0)
      railties (>= 3.2, < 5)
    restforce (1.4.2)
      faraday (~> 0.8.4)
      faraday_middleware (>= 0.8.8)
      hashie (>= 1.2.0, < 2.1)
      json (>= 1.7.5, < 1.9.0)
    rolify (3.2.0)
    rspec-core (2.14.7)
    rspec-expectations (2.14.4)
      diff-lcs (>= 1.1.3, < 2.0)
    rspec-mocks (2.14.4)
    rspec-rails (2.14.1)
      actionpack (>= 3.0)
      activemodel (>= 3.0)
      activesupport (>= 3.0)
      railties (>= 3.0)
      rspec-core (~> 2.14.0)
      rspec-expectations (~> 2.14.0)
      rspec-mocks (~> 2.14.0)
    rubyzip (1.1.0)
    safe_yaml (0.9.7)
    salesforce_bulk (1.0.3)
      xml-simple
    sass (3.2.13)
    sass-rails (4.0.1)
      railties (>= 4.0.0, < 5.0)
      sass (>= 3.1.10)
      sprockets-rails (~> 2.0.0)
    savon (1.2.0)
      akami (~> 1.2.0)
      builder (>= 2.1.2)
      gyoku (~> 0.4.5)
      httpi (~> 1.1.0)
      nokogiri (>= 1.4.0)
      nori (~> 1.1.0)
      wasabi (~> 2.5.0)
    simple_form (3.0.1)
      actionpack (>= 4.0.0, < 4.1)
      activemodel (>= 4.0.0, < 4.1)
    simplecov (0.8.2)
      docile (~> 1.1.0)
      multi_json
      simplecov-html (~> 0.8.0)
    simplecov-html (0.8.0)
    slop (3.4.7)
    sprockets (2.10.1)
      hike (~> 1.2)
      multi_json (~> 1.0)
      rack (~> 1.0)
      tilt (~> 1.1, != 1.3.0)
    sprockets-rails (2.0.1)
      actionpack (>= 3.0)
      activesupport (>= 3.0)
      sprockets (~> 2.8)
    terminal-notifier-guard (1.5.3)
    thin (1.6.1)
      daemons (>= 1.0.9)
      eventmachine (>= 1.0.0)
      rack (>= 1.0.0)
    thor (0.18.1)
    thread_safe (0.1.3)
      atomic
    tilt (1.4.1)
    treetop (1.4.15)
      polyglot
      polyglot (>= 0.3.1)
    tzinfo (0.3.38)
    uglifier (2.4.0)
      execjs (>= 0.3.0)
      json (>= 1.8.0)
    vcr (2.8.0)
    warden (1.2.3)
      rack (>= 1.0)
    wasabi (2.5.1)
      httpi (~> 1.0)
      nokogiri (>= 1.4.0)
    webmock (1.16.1)
      addressable (>= 2.2.7)
      crack (>= 0.3.2)
    wicked_pdf (0.9.10)
      rails
    wkhtmltopdf-binary (0.9.9.1)
    xml-simple (1.1.3)
    xpath (2.0.0)
      nokogiri (~> 1.3)

PLATFORMS
  ruby

DEPENDENCIES
  activeadmin!
  attr_encrypted
  awesome_print
  better_errors (~> 1.0.1)
  binding_of_caller (~> 0.7.2)
  cancan (>= 1.6.8)
  capybara (~> 2.1.0)
  capybara_minitest_spec (~> 1.0.0)
  coffee-rails (~> 4.0.0)
  database_cleaner (~> 1.0.1)
  databasedotcom-oauth2
  databasedotcom-rails!
  devise
  dotenv
  figaro (>= 0.5.3)
  font-awesome-rails
  foreman
  foundation-rails
  hub (>= 1.10.2)
  launchy (~> 2.3.0)
  metaforce!
  minitest-capybara (~> 0.4.1)
  newrelic_rpm
  omniauth (>= 1.1.3)
  omniauth-salesforce
  pg
  poltergeist (~> 1.3.0)
  pry (~> 0.9.12.2)
  pry-debugger (~> 0.2.2)
  quiet_assets (~> 1.0.2)
  rails!
  restforce
  rolify (>= 3.2.0)
  rspec-rails
  salesforce_bulk
  sass-rails (~> 4.0.0)
  simple_form
  soft_service!
  thin (>= 1.5.0)
  thincloud-test!
  thincloud-test-rails!
  uglifier
  vcr
  webmock
  wicked_pdf
  wkhtmltopdf-binary
